{
	"Modality": "MR",
	"MagneticFieldStrength": 3,
	"ImagingFrequency": 123.253,
	"Manufacturer": "Siemens",
	"ManufacturersModelName": "Prisma_fit",
	"InstitutionName": "CBS_Neuroimaging",
	"InstitutionalDepartmentName": "Department",
	"InstitutionAddress": "Oxford_52_Cambridge_MA_US_02138",
	"DeviceSerialNumber": "67056",
	"StationName": "MEDPC",
	"BodyPartExamined": "BRAIN",
	"PatientPosition": "HFS",
	"ProcedureStepDescription": "Investigators_Young",
	"SoftwareVersions": "syngo_MR_D13D",
	"MRAcquisitionType": "2D",
	"SeriesDescription": "SMS_Minn_1p5mm_ToM_loc_136",
	"ProtocolName": "SMS_Minn_1p5mm_ToM_loc_136",
	"ScanningSequence": "EP",
	"SequenceVariant": "SK_SS",
	"ScanOptions": "FS",
	"SequenceName": "epfid2d1_136",
	"ImageType": ["ORIGINAL", "PRIMARY", "M", "MB", "ND", "MOSAIC"],
	"SeriesNumber": 9,
	"AcquisitionTime": "12:30:24.772500",
	"AcquisitionNumber": 1,
	"ImageComments": "Unaliased_MB3_PE4_LB",
	"SliceThickness": 1.5,
	"TaskName": "tom",
	"SpacingBetweenSlices": 1.5,
	"SAR": 0.0801296,
	"EchoTime": 0.03,
	"RepetitionTime": 2,
	"FlipAngle": 80,
	"PartialFourier": 1,
	"BaseResolution": 136,
	"ShimSetting": [
		246,
		4521,
		6105,
		441,
		-39,
		137,
		90,
		30	],
	"TxRefAmp": 255.415,
	"PhaseResolution": 1,
	"ReceiveCoilName": "Head_32",
	"ReceiveCoilActiveElements": "HEA;HEP",
	"PulseSequenceDetails": "%CustomerSeq%_cmrr_mbep2d_bold",
	"WipMemBlock": "2f8c2b66-8f7a-48db-8b74-26b75d373847||Sequence: vd13d/master r/f9db0a8; Dec 14 2015 17:01:19 by eja",
	"ConsistencyInfo": "N4_VD13D_LATEST_20130810",
	"MultibandAccelerationFactor": 3,
	"PercentPhaseFOV": 100,
	"EchoTrainLength": 67,
	"PhaseEncodingSteps": 135,
	"AcquisitionMatrixPE": 136,
	"ReconMatrixPE": 136,
	"BandwidthPerPixelPhaseEncode": 21.626,
	"ParallelReductionFactorInPlane": 2,
	"EffectiveEchoSpacing": 0.000340005,
	"DerivedVendorReportedEchoSpacing": 0.000680009,
	"TotalReadoutTime": 0.0459006,
	"PixelBandwidth": 1670,
	"DwellTime": 2.2e-06,
	"PhaseEncodingDirection": "j-",
	"SliceTiming": [
		0,
		0.92,
		1.84,
		0.78,
		1.6975,
		0.6375,
		1.5575,
		0.495,
		1.415,
		0.355,
		1.275,
		0.2125,
		1.1325,
		0.0725,
		0.99,
		1.91,
		0.85,
		1.77,
		0.7075,
		1.6275,
		0.5675,
		1.485,
		0.425,
		1.345,
		0.285,
		1.2025,
		0.1425,
		1.0625,
		0,
		0.92,
		1.84,
		0.78,
		1.6975,
		0.6375,
		1.5575,
		0.495,
		1.415,
		0.355,
		1.275,
		0.2125,
		1.1325,
		0.0725,
		0.99,
		1.91,
		0.85,
		1.77,
		0.7075,
		1.6275,
		0.5675,
		1.485,
		0.425,
		1.345,
		0.285,
		1.2025,
		0.1425,
		1.0625,
		0,
		0.92,
		1.84,
		0.78,
		1.6975,
		0.6375,
		1.5575,
		0.495,
		1.415,
		0.355,
		1.275,
		0.2125,
		1.1325,
		0.0725,
		0.99,
		1.91,
		0.85,
		1.77,
		0.7075,
		1.6275,
		0.5675,
		1.485,
		0.425,
		1.345,
		0.285,
		1.2025,
		0.1425,
		1.0625	],
	"ImageOrientationPatientDICOM": [
		0.998526,
		-0.0539837,
		-0.00560129,
		0.0444417,
		0.872515,
		-0.486562	],
	"InPlanePhaseEncodingDirectionDICOM": "COL",
	"ConversionSoftware": "dcm2niix",
	"ConversionSoftwareVersion": "v1.0.20181125  Clang9.0.0"
}
