{
	"Modality": "MR",
	"MagneticFieldStrength": 3,
	"ImagingFrequency": 123.263,
	"Manufacturer": "Siemens",
	"ManufacturersModelName": "TrioTim",
	"InstitutionName": "CBS_Neuroimaging",
	"InstitutionalDepartmentName": "Department",
	"InstitutionAddress": "Oxford_52_Cambridge_MA_US_02138",
	"DeviceSerialNumber": "35380",
	"StationName": "MEDPC",
	"PatientPosition": "HFS",
	"ProcedureStepDescription": "Investigators_Young",
	"SoftwareVersions": "syngo_MR_B17",
	"MRAcquisitionType": "2D",
	"SeriesDescription": "ToM",
	"ProtocolName": "ToM",
	"ScanningSequence": "EP",
	"SequenceVariant": "SK",
	"ScanOptions": "FS",
	"SequenceName": "epfid2d1_72",
	"ImageType": ["ORIGINAL", "PRIMARY", "M", "ND", "MOSAIC"],
	"SeriesNumber": 11,
	"AcquisitionTime": "19:17:14.197500",
	"AcquisitionNumber": 1,
	"SliceThickness": 3,
	"TaskName": "tom",
	"SpacingBetweenSlices": 3.54,
	"SAR": 0.20768,
	"EchoTime": 0.03,
	"RepetitionTime": 2,
	"FlipAngle": 90,
	"PartialFourier": 1,
	"BaseResolution": 72,
	"ShimSetting": [
		-8477,
		9312,
		3105,
		460,
		-166,
		-135,
		289,
		-73	],
	"TxRefAmp": 319.899,
	"PhaseResolution": 1,
	"ReceiveCoilName": "HeadMatrix",
	"CoilString": "T:HEA;HEP",
	"PulseSequenceDetails": "%CustomerSeq%_Andre_ep2d_pace_MGH_xcalgo2",
	"PercentPhaseFOV": 100,
	"PhaseEncodingSteps": 72,
	"AcquisitionMatrixPE": 72,
	"ReconMatrixPE": 72,
	"BandwidthPerPixelPhaseEncode": 53.419,
	"ParallelReductionFactorInPlane": 2,
	"EffectiveEchoSpacing": 0.000259999,
	"DerivedVendorReportedEchoSpacing": 0.000519998,
	"TotalReadoutTime": 0.0184599,
	"PixelBandwidth": 2315,
	"DwellTime": 3e-06,
	"PhaseEncodingDirection": "j-",
	"SliceTiming": [
		0.9925,
		0,
		1.0475,
		0.055,
		1.1025,
		0.11,
		1.16,
		0.165,
		1.215,
		0.22,
		1.27,
		0.275,
		1.325,
		0.33,
		1.38,
		0.385,
		1.435,
		0.44,
		1.49,
		0.4975,
		1.545,
		0.5525,
		1.6,
		0.6075,
		1.655,
		0.6625,
		1.71,
		0.7175,
		1.765,
		0.7725,
		1.8225,
		0.8275,
		1.8775,
		0.8825,
		1.9325,
		0.9375	],
	"ImageOrientationPatientDICOM": [
		0.998941,
		0.0452267,
		0.00843211,
		-0.0458957,
		0.992353,
		0.114582	],
	"InPlanePhaseEncodingDirectionDICOM": "COL",
	"ConversionSoftware": "dcm2niix",
	"ConversionSoftwareVersion": "v1.0.20181125  Clang9.0.0"
}
