{
	"Modality": "MR",
	"MagneticFieldStrength": 3,
	"ImagingFrequency": 123.253,
	"Manufacturer": "Siemens",
	"ManufacturersModelName": "Prisma_fit",
	"InstitutionName": "CBS_Neuroimaging",
	"InstitutionalDepartmentName": "Department",
	"InstitutionAddress": "Oxford_52_Cambridge_MA_US_02138",
	"DeviceSerialNumber": "67056",
	"StationName": "MEDPC",
	"BodyPartExamined": "BRAIN",
	"PatientPosition": "HFS",
	"ProcedureStepDescription": "Investigators_Young",
	"SoftwareVersions": "syngo_MR_D13D",
	"MRAcquisitionType": "2D",
	"SeriesDescription": "SMS_Minn_1p5mm_ToM_loc_136",
	"ProtocolName": "SMS_Minn_1p5mm_ToM_loc_136",
	"ScanningSequence": "EP",
	"SequenceVariant": "SK_SS",
	"ScanOptions": "FS",
	"SequenceName": "epfid2d1_136",
	"ImageType": ["ORIGINAL", "PRIMARY", "M", "MB", "ND", "MOSAIC"],
	"SeriesNumber": 9,
	"AcquisitionTime": "11:01:47.857500",
	"AcquisitionNumber": 1,
	"ImageComments": "Unaliased_MB3_PE4_LB",
	"SliceThickness": 1.5,
	"TaskName": "tom",
	"SpacingBetweenSlices": 1.5,
	"SAR": 0.0787952,
	"EchoTime": 0.03,
	"RepetitionTime": 2,
	"FlipAngle": 80,
	"PartialFourier": 1,
	"BaseResolution": 136,
	"ShimSetting": [
		223,
		4479,
		6050,
		451,
		-100,
		76,
		30,
		-12	],
	"TxRefAmp": 252.385,
	"PhaseResolution": 1,
	"ReceiveCoilName": "Head_32",
	"ReceiveCoilActiveElements": "HEA;HEP",
	"PulseSequenceDetails": "%CustomerSeq%_cmrr_mbep2d_bold",
	"WipMemBlock": "c5cc4c3e-8d19-4b04-b7c4-dd1e8080224e||Sequence: vd13d/master r/f9db0a8; Dec 14 2015 17:01:19 by eja",
	"ConsistencyInfo": "N4_VD13D_LATEST_20130810",
	"MultibandAccelerationFactor": 3,
	"PercentPhaseFOV": 100,
	"EchoTrainLength": 67,
	"PhaseEncodingSteps": 135,
	"AcquisitionMatrixPE": 136,
	"ReconMatrixPE": 136,
	"BandwidthPerPixelPhaseEncode": 21.626,
	"ParallelReductionFactorInPlane": 2,
	"EffectiveEchoSpacing": 0.000340005,
	"DerivedVendorReportedEchoSpacing": 0.000680009,
	"TotalReadoutTime": 0.0459006,
	"PixelBandwidth": 1670,
	"DwellTime": 2.2e-06,
	"PhaseEncodingDirection": "j-",
	"SliceTiming": [
		0,
		0.92,
		1.8375,
		0.7775,
		1.6975,
		0.6375,
		1.555,
		0.495,
		1.415,
		0.3525,
		1.2725,
		0.2125,
		1.1325,
		0.07,
		0.99,
		1.91,
		0.8475,
		1.7675,
		0.7075,
		1.6275,
		0.565,
		1.485,
		0.425,
		1.3425,
		0.2825,
		1.2025,
		0.1425,
		1.06,
		0,
		0.92,
		1.8375,
		0.7775,
		1.6975,
		0.6375,
		1.555,
		0.495,
		1.415,
		0.3525,
		1.2725,
		0.2125,
		1.1325,
		0.07,
		0.99,
		1.91,
		0.8475,
		1.7675,
		0.7075,
		1.6275,
		0.565,
		1.485,
		0.425,
		1.3425,
		0.2825,
		1.2025,
		0.1425,
		1.06,
		0,
		0.92,
		1.8375,
		0.7775,
		1.6975,
		0.6375,
		1.555,
		0.495,
		1.415,
		0.3525,
		1.2725,
		0.2125,
		1.1325,
		0.07,
		0.99,
		1.91,
		0.8475,
		1.7675,
		0.7075,
		1.6275,
		0.565,
		1.485,
		0.425,
		1.3425,
		0.2825,
		1.2025,
		0.1425,
		1.06	],
	"ImageOrientationPatientDICOM": [
		0.998471,
		0.0482751,
		-0.0269246,
		-0.0550988,
		0.83026,
		-0.554646	],
	"InPlanePhaseEncodingDirectionDICOM": "COL",
	"ConversionSoftware": "dcm2niix",
	"ConversionSoftwareVersion": "v1.0.20181125  Clang9.0.0"
}
