{
	"Modality": "MR",
	"MagneticFieldStrength": 3,
	"ImagingFrequency": 123.264,
	"Manufacturer": "Siemens",
	"ManufacturersModelName": "TrioTim",
	"InstitutionName": "CBS_Neuroimaging",
	"InstitutionalDepartmentName": "Department",
	"InstitutionAddress": "Oxford_52_Cambridge_MA_US_02138",
	"DeviceSerialNumber": "35380",
	"StationName": "MEDPC",
	"PatientPosition": "HFS",
	"ProcedureStepDescription": "Investigators_Young",
	"SoftwareVersions": "syngo_MR_B17",
	"MRAcquisitionType": "2D",
	"SeriesDescription": "TOM",
	"ProtocolName": "TOM",
	"ScanningSequence": "EP",
	"SequenceVariant": "SK",
	"ScanOptions": "FS",
	"SequenceName": "epfid2d1_72",
	"ImageType": ["ORIGINAL", "PRIMARY", "M", "ND", "MOSAIC"],
	"SeriesNumber": 13,
	"AcquisitionTime": "14:51:49.240000",
	"AcquisitionNumber": 1,
	"SliceThickness": 3,
	"TaskName": "tom",
	"SpacingBetweenSlices": 3.54,
	"SAR": 0.201404,
	"EchoTime": 0.03,
	"RepetitionTime": 2,
	"FlipAngle": 90,
	"PartialFourier": 1,
	"BaseResolution": 72,
	"ShimSetting": [
		-8475,
		9780,
		3043,
		331,
		-92,
		-63,
		-129,
		-105	],
	"TxRefAmp": 341.453,
	"PhaseResolution": 1,
	"ReceiveCoilName": "HeadMatrix",
	"CoilString": "T:HEA;HEP",
	"PulseSequenceDetails": "%CustomerSeq%_Andre_ep2d_pace_MGH_xcalgo2",
	"PercentPhaseFOV": 100,
	"PhaseEncodingSteps": 72,
	"AcquisitionMatrixPE": 72,
	"ReconMatrixPE": 72,
	"BandwidthPerPixelPhaseEncode": 53.419,
	"ParallelReductionFactorInPlane": 2,
	"EffectiveEchoSpacing": 0.000259999,
	"DerivedVendorReportedEchoSpacing": 0.000519998,
	"TotalReadoutTime": 0.0184599,
	"PixelBandwidth": 2315,
	"DwellTime": 3e-06,
	"PhaseEncodingDirection": "j-",
	"SliceTiming": [
		0.995,
		0,
		1.05,
		0.055,
		1.105,
		0.11,
		1.16,
		0.1675,
		1.215,
		0.2225,
		1.27,
		0.2775,
		1.325,
		0.3325,
		1.38,
		0.3875,
		1.4375,
		0.4425,
		1.4925,
		0.4975,
		1.5475,
		0.5525,
		1.6025,
		0.6075,
		1.6575,
		0.6625,
		1.7125,
		0.7175,
		1.7675,
		0.7725,
		1.8225,
		0.83,
		1.8775,
		0.885,
		1.9325,
		0.94	],
	"ImageOrientationPatientDICOM": [
		0.998496,
		-0.0453368,
		-0.030821,
		0.0390828,
		0.98294,
		-0.179724	],
	"InPlanePhaseEncodingDirectionDICOM": "COL",
	"ConversionSoftware": "dcm2niix",
	"ConversionSoftwareVersion": "v1.0.20181125  Clang9.0.0"
}
