{
	"Modality": "MR",
	"MagneticFieldStrength": 3,
	"ImagingFrequency": 123.254,
	"Manufacturer": "Siemens",
	"ManufacturersModelName": "Prisma_fit",
	"InstitutionName": "CBS_Neuroimaging",
	"InstitutionalDepartmentName": "Department",
	"InstitutionAddress": "Oxford_52_Cambridge_MA_US_02138",
	"DeviceSerialNumber": "67056",
	"StationName": "MEDPC",
	"BodyPartExamined": "BRAIN",
	"PatientPosition": "HFS",
	"ProcedureStepDescription": "Investigators_Young",
	"SoftwareVersions": "syngo_MR_D13D",
	"MRAcquisitionType": "2D",
	"SeriesDescription": "MoCoSeries",
	"ProtocolName": "fMRI_PACE_3mm_36sl_TR2_p2_MoCo",
	"ScanningSequence": "EP",
	"SequenceVariant": "SK",
	"ScanOptions": "FS",
	"SequenceName": "_epfid2d1_72",
	"ImageType": ["ORIGINAL", "PRIMARY", "M", "ND", "MOCO", "MOSAIC"],
	"SeriesNumber": 9,
	"AcquisitionTime": "16:57:45.345000",
	"AcquisitionNumber": 1,
	"ImageComments": "Reference_volume_for_motion_correction.",
	"SliceThickness": 3,
	"TaskName": "tom",
	"SpacingBetweenSlices": 3.54,
	"SAR": 0.0779507,
	"EchoTime": 0.03,
	"RepetitionTime": 2,
	"FlipAngle": 80,
	"PartialFourier": 1,
	"BaseResolution": 72,
	"ShimSetting": [
		252,
		4410,
		5999,
		433,
		-32,
		-150,
		135,
		-8	],
	"TxRefAmp": 235.094,
	"PhaseResolution": 1,
	"ReceiveCoilName": "Head_32",
	"ReceiveCoilActiveElements": "HEA;HEP",
	"PulseSequenceDetails": "%SiemensSeq%_ep2d_pace",
	"ConsistencyInfo": "N4_VD13D_LATEST_20130810",
	"PercentPhaseFOV": 100,
	"EchoTrainLength": 35,
	"PhaseEncodingSteps": 71,
	"AcquisitionMatrixPE": 72,
	"ReconMatrixPE": 72,
	"BandwidthPerPixelPhaseEncode": 50.505,
	"ParallelReductionFactorInPlane": 2,
	"EffectiveEchoSpacing": 0.000275,
	"DerivedVendorReportedEchoSpacing": 0.000550001,
	"TotalReadoutTime": 0.019525,
	"PixelBandwidth": 2170,
	"DwellTime": 3.2e-06,
	"PhaseEncodingDirection": "j-",
	"SliceTiming": [
		0.9925,
		0,
		1.0475,
		0.055,
		1.1025,
		0.11,
		1.1575,
		0.165,
		1.2125,
		0.22,
		1.27,
		0.275,
		1.325,
		0.33,
		1.38,
		0.385,
		1.435,
		0.44,
		1.49,
		0.495,
		1.545,
		0.55,
		1.6,
		0.6075,
		1.655,
		0.6625,
		1.71,
		0.7175,
		1.765,
		0.7725,
		1.82,
		0.8275,
		1.875,
		0.8825,
		1.9325,
		0.9375	],
	"ImageOrientationPatientDICOM": [
		0.999364,
		0.0307233,
		-0.0180789,
		-0.0250538,
		0.966115,
		0.256895	],
	"InPlanePhaseEncodingDirectionDICOM": "COL",
	"ConversionSoftware": "dcm2niix",
	"ConversionSoftwareVersion": "v1.0.20181125  Clang9.0.0"
}
