{
	"Modality": "MR",
	"MagneticFieldStrength": 3,
	"ImagingFrequency": 123.264,
	"Manufacturer": "Siemens",
	"ManufacturersModelName": "TrioTim",
	"InstitutionName": "CBS_Neuroimaging",
	"InstitutionalDepartmentName": "Department",
	"InstitutionAddress": "Oxford_52_Cambridge_MA_US_02138",
	"DeviceSerialNumber": "35380",
	"StationName": "MEDPC",
	"PatientPosition": "HFS",
	"ProcedureStepDescription": "Investigators_Young",
	"SoftwareVersions": "syngo_MR_B17",
	"MRAcquisitionType": "2D",
	"SeriesDescription": "ToM",
	"ProtocolName": "ToM",
	"ScanningSequence": "EP",
	"SequenceVariant": "SK",
	"ScanOptions": "FS",
	"SequenceName": "epfid2d1_72",
	"ImageType": ["ORIGINAL", "PRIMARY", "M", "ND", "MOSAIC"],
	"SeriesNumber": 11,
	"AcquisitionTime": "16:14:55.420000",
	"AcquisitionNumber": 1,
	"SliceThickness": 3,
	"TaskName": "tom",
	"SpacingBetweenSlices": 3.54,
	"SAR": 0.152414,
	"EchoTime": 0.03,
	"RepetitionTime": 2,
	"FlipAngle": 90,
	"PartialFourier": 1,
	"BaseResolution": 72,
	"ShimSetting": [
		-8336,
		9773,
		2674,
		727,
		-107,
		443,
		-180,
		-41	],
	"TxRefAmp": 442.127,
	"PhaseResolution": 1,
	"ReceiveCoilName": "HeadMatrix",
	"CoilString": "T:HEA;HEP",
	"PulseSequenceDetails": "%CustomerSeq%_Andre_ep2d_pace_MGH_xcalgo2",
	"PercentPhaseFOV": 100,
	"PhaseEncodingSteps": 72,
	"AcquisitionMatrixPE": 72,
	"ReconMatrixPE": 72,
	"BandwidthPerPixelPhaseEncode": 53.419,
	"ParallelReductionFactorInPlane": 2,
	"EffectiveEchoSpacing": 0.000259999,
	"DerivedVendorReportedEchoSpacing": 0.000519998,
	"TotalReadoutTime": 0.0184599,
	"PixelBandwidth": 2315,
	"DwellTime": 3e-06,
	"PhaseEncodingDirection": "j-",
	"SliceTiming": [
		0.995,
		0,
		1.05,
		0.055,
		1.105,
		0.11,
		1.16,
		0.165,
		1.215,
		0.22,
		1.27,
		0.2775,
		1.325,
		0.3325,
		1.38,
		0.3875,
		1.435,
		0.4425,
		1.49,
		0.4975,
		1.545,
		0.5525,
		1.6025,
		0.6075,
		1.6575,
		0.6625,
		1.7125,
		0.7175,
		1.7675,
		0.7725,
		1.8225,
		0.8275,
		1.8775,
		0.8825,
		1.9325,
		0.94	],
	"ImageOrientationPatientDICOM": [
		0.998195,
		-0.0237803,
		0.0551429,
		0.0268924,
		0.998046,
		-0.0564001	],
	"InPlanePhaseEncodingDirectionDICOM": "COL",
	"ConversionSoftware": "dcm2niix",
	"ConversionSoftwareVersion": "v1.0.20181125  Clang9.0.0"
}
