{
	"Modality": "MR",
	"MagneticFieldStrength": 3,
	"ImagingFrequency": 123.264,
	"Manufacturer": "Siemens",
	"ManufacturersModelName": "TrioTim",
	"InstitutionName": "CBS_Neuroimaging",
	"InstitutionalDepartmentName": "Department",
	"InstitutionAddress": "Oxford_52_Cambridge_MA_US_02138",
	"DeviceSerialNumber": "35380",
	"StationName": "MEDPC",
	"PatientPosition": "HFS",
	"ProcedureStepDescription": "Investigators_Young",
	"SoftwareVersions": "syngo_MR_B17",
	"MRAcquisitionType": "2D",
	"SeriesDescription": "PACExc3_Cor_DC_tom_localizer_p2_unwarped",
	"ProtocolName": "PACExc3_Cor_DC_tom_localizer_p2",
	"ScanningSequence": "EP",
	"SequenceVariant": "SK",
	"ScanOptions": "FS",
	"SequenceName": "epfid2d1_72",
	"ImageType": ["ORIGINAL", "PRIMARY", "M", "EPIDIS2D", "MOSAIC"],
	"SeriesNumber": 76,
	"AcquisitionTime": "16:56:26.592500",
	"AcquisitionNumber": 2,
	"SliceThickness": 3,
	"TaskName": "tom",
	"SpacingBetweenSlices": 3,
	"SAR": 0.156852,
	"EchoTime": 0.025,
	"RepetitionTime": 2.5,
	"FlipAngle": 85,
	"PartialFourier": 1,
	"BaseResolution": 72,
	"ShimSetting": [
		-8470,
		9330,
		3020,
		448,
		16,
		338,
		-279,
		-44	],
	"TxRefAmp": 305.871,
	"PhaseResolution": 1,
	"ReceiveCoilName": "32Ch_Head",
	"CoilString": "C:HEA;HEP",
	"PulseSequenceDetails": "%CustomerSeq%_Andre_ep2d_pace_MGH_xcalgo3",
	"PercentPhaseFOV": 100,
	"PhaseEncodingSteps": 71,
	"AcquisitionMatrixPE": 72,
	"ReconMatrixPE": 72,
	"BandwidthPerPixelPhaseEncode": 52.411,
	"ParallelReductionFactorInPlane": 2,
	"EffectiveEchoSpacing": 0.000265,
	"DerivedVendorReportedEchoSpacing": 0.000529999,
	"TotalReadoutTime": 0.018815,
	"PixelBandwidth": 2240,
	"DwellTime": 3.1e-06,
	"PhaseEncodingDirection": "i",
	"SliceTiming": [
		0,
		1.27,
		0.05,
		1.32,
		0.1,
		1.37,
		0.1525,
		1.4225,
		0.2025,
		1.4725,
		0.2525,
		1.5225,
		0.305,
		1.575,
		0.355,
		1.625,
		0.405,
		1.675,
		0.4575,
		1.7275,
		0.5075,
		1.7775,
		0.5575,
		1.8275,
		0.61,
		1.88,
		0.66,
		1.93,
		0.71,
		1.98,
		0.7625,
		2.0325,
		0.8125,
		2.0825,
		0.8625,
		2.1325,
		0.915,
		2.185,
		0.965,
		2.235,
		1.015,
		2.285,
		1.065,
		2.3375,
		1.1175,
		2.3875,
		1.1675,
		2.4375,
		1.2175	],
	"ImageOrientationPatientDICOM": [
		0.999994,
		0.00349065,
		2.40957e-09,
		-0.00242481,
		0.694654,
		-0.71934	],
	"InPlanePhaseEncodingDirectionDICOM": "ROW",
	"ConversionSoftware": "dcm2niix",
	"ConversionSoftwareVersion": "v1.0.20181125  Clang9.0.0"
}
